GEM
  remote: https://rubygems.org/
  specs:
    activesupport (7.0.4)
      concurrent-ruby (~> 1.0, >= 1.0.2)
      i18n (>= 1.6, < 2)
      minitest (>= 5.1)
      tzinfo (~> 2.0)
    byebug (11.1.3)
    concurrent-ruby (1.1.10)
    diff-lcs (1.5.0)
    dotenv (2.8.1)
    factory_bot (6.2.1)
      activesupport (>= 5.0.0)
    i18n (1.12.0)
      concurrent-ruby (~> 1.0)
    io-console (0.5.11)
    irb (1.4.1)
      reline (>= 0.3.0)
    mini_portile2 (2.8.0)
    minitest (5.16.3)
    multi_json (1.15.0)
    mustermann (3.0.0)
      ruby2_keywords (~> 0.0.1)
    nio4r (2.5.8)
    puma (4.3.6)
      nio4r (~> 2.0)
    rack (2.2.4)
    rack-cors (1.1.1)
      rack (>= 2.0.0)
    rack-protection (3.0.1)
      rack
    rack-test (2.0.2)
      rack (>= 1.3)
    rackup (0.1.0)
      rack
      webrick
    rake (13.0.6)
    reline (0.3.1)
      io-console (~> 0.5)
    rspec (3.11.0)
      rspec-core (~> 3.11.0)
      rspec-expectations (~> 3.11.0)
      rspec-mocks (~> 3.11.0)
    rspec-core (3.11.0)
      rspec-support (~> 3.11.0)
    rspec-expectations (3.11.1)
      diff-lcs (>= 1.2.0, < 2.0)
      rspec-support (~> 3.11.0)
    rspec-mocks (3.11.1)
      diff-lcs (>= 1.2.0, < 2.0)
      rspec-support (~> 3.11.0)
    rspec-support (3.11.1)
    ruby2_keywords (0.0.5)
    sequel (5.60.1)
    sinatra (3.0.1)
      mustermann (~> 3.0)
      rack (~> 2.2, >= 2.2.4)
      rack-protection (= 3.0.1)
      tilt (~> 2.0)
    sinatra-contrib (3.0.1)
      multi_json
      mustermann (~> 3.0)
      rack-protection (= 3.0.1)
      sinatra (= 3.0.1)
      tilt (~> 2.0)
    sqlite3 (1.5.0)
      mini_portile2 (~> 2.8.0)
    tilt (2.0.11)
    tzinfo (2.0.5)
      concurrent-ruby (~> 1.0)
    webrick (1.7.0)

PLATFORMS
  ruby

DEPENDENCIES
  byebug
  dotenv
  factory_bot
  irb
  puma (= 4.3.6)
  rack-cors
  rack-test
  rackup
  rake
  rspec
  sequel
  sinatra (= 3.0.1)
  sinatra-contrib (= 3.0.1)
  sqlite3

RUBY VERSION
   ruby 3.1.2p20

BUNDLED WITH
   1.17.3
